GEM
  remote: https://rubygems.org/
  specs:
    closure-compiler (1.1.7)
    hpricot (0.8.6)

PLATFORMS
  ruby

DEPENDENCIES
  closure-compiler (= 1.1.7)
  hpricot
